GEM
  remote: http://rubygems.org/
  specs:
    activesupport (2.3.8)
    addressable (2.2.0)
    bacon (1.1.0)
    capybara (0.3.9)
      culerity (>= 0.2.4)
      mime-types (>= 1.16)
      nokogiri (>= 1.3.3)
      rack (>= 1.0.0)
      rack-test (>= 0.5.4)
      selenium-webdriver (>= 0.0.3)
    culerity (0.2.12)
    daemons (1.1.0)
    data_mapper (1.0.0)
      dm-aggregates (= 1.0.0)
      dm-constraints (= 1.0.0)
      dm-core (= 1.0.0)
      dm-core (= 1.0.0)
      dm-migrations (= 1.0.0)
      dm-serializer (= 1.0.0)
      dm-timestamps (= 1.0.0)
      dm-transactions (= 1.0.0)
      dm-types (= 1.0.0)
      dm-validations (= 1.0.0)
    data_objects (0.10.2)
      addressable (~> 2.1)
    dm-aggregates (1.0.0)
      dm-core (~> 1.0.0)
    dm-constraints (1.0.0)
      dm-core (~> 1.0.0)
      dm-migrations (~> 1.0.0)
    dm-core (1.0.0)
      addressable (~> 2.1)
      extlib (~> 0.9.15)
    dm-do-adapter (1.0.0)
      data_objects (~> 0.10.1)
      dm-core (~> 1.0.0)
    dm-migrations (1.0.0)
      dm-core (~> 1.0.0)
    dm-serializer (1.0.0)
      dm-core (~> 1.0.0)
      fastercsv (~> 1.5.3)
      json_pure (~> 1.4.3)
    dm-sqlite-adapter (1.0.0)
      dm-do-adapter (~> 1.0.0)
      do_sqlite3 (~> 0.10.2)
    dm-timestamps (1.0.0)
      dm-core (~> 1.0.0)
    dm-transactions (1.0.0)
      dm-core (~> 1.0.0)
    dm-types (1.0.0)
      dm-core (~> 1.0.0)
      fastercsv (~> 1.5.3)
      json_pure (~> 1.4.3)
      stringex (~> 1.1.0)
      uuidtools (~> 2.1.1)
    dm-validations (1.0.0)
      dm-core (~> 1.0.0)
    do_sqlite3 (0.10.2)
      data_objects (= 0.10.2)
    eventmachine (0.12.10)
    extlib (0.9.15)
    fastercsv (1.5.3)
    ffaker (0.4.0)
    ffi (0.6.3)
      rake (>= 0.8.7)
    haml (3.0.17)
    http_router (0.3.13)
      rack (>= 1.0)
      url_mount (>= 0.2.1)
    i18n (0.4.1)
    json_pure (1.4.6)
    machinist (1.0.6)
    mail (2.2.5)
      activesupport (>= 2.3.6)
      mime-types
      treetop (>= 1.4.5)
    mcmire-matchy (0.5.2)
    mime-types (1.16)
    nokogiri (1.4.3.1)
    padrino (0.9.14)
      padrino-admin (= 0.9.14)
      padrino-core (= 0.9.14)
      padrino-gen (= 0.9.14)
      padrino-helpers (= 0.9.14)
      padrino-mailer (= 0.9.14)
    padrino-admin (0.9.14)
      padrino-core (= 0.9.14)
      padrino-gen (= 0.9.14)
      padrino-helpers (= 0.9.14)
    padrino-core (0.9.14)
      activesupport (>= 2.3.8)
      http_router (>= 0.3.0)
      sinatra (>= 1.0.0)
      thor (>= 0.13.0)
    padrino-gen (0.9.14)
      bundler (>= 0.9.7)
      padrino-core (= 0.9.14)
    padrino-helpers (0.9.14)
      i18n (>= 0.4.1)
      padrino-core (= 0.9.14)
    padrino-mailer (0.9.14)
      mail (>= 2.2.0)
      padrino-core (= 0.9.14)
    polyglot (0.3.1)
    rack (1.2.1)
    rack-datamapper-session (0.3)
      dm-core (>= 0.9.10)
      rack (>= 1.0)
    rack-flash (0.1.1)
      rack
    rack-test (0.5.4)
      rack (>= 1.0)
    rake (0.8.7)
    rr (1.0.0)
    rr-matchy (0.1.0)
      mcmire-matchy
      rr (>= 0.10.5)
    rubyzip (0.9.4)
    selenium-webdriver (0.0.27)
      ffi (>= 0.6.1)
      json_pure
      rubyzip
    sinatra (1.0)
      rack (>= 1.0)
    stringex (1.1.0)
    thin (1.2.7)
      daemons (>= 1.0.9)
      eventmachine (>= 0.12.6)
      rack (>= 1.0.0)
    thor (0.14.0)
    treetop (1.4.8)
      polyglot (>= 0.3.1)
    url_mount (0.2.1)
      rack
    uuidtools (2.1.1)

PLATFORMS
  ruby

DEPENDENCIES
  bacon
  capybara
  data_mapper
  dm-sqlite-adapter
  ffaker
  haml
  machinist
  nokogiri
  padrino (= 0.9.14)
  rack-datamapper-session
  rack-flash
  rack-test
  rake
  rr
  rr-matchy
  thin
